STORAGE: NONE
RESTRICTION: || (== netcoreapp3.1) (== netstandard2.0)
NUGET
  remote: https://api.nuget.org/v3/index.json
    DnsClient (1.5)
      Microsoft.Win32.Registry (>= 5.0)
      System.Buffers (>= 4.5.1) - restriction: || (&& (== netcoreapp3.1) (>= net471)) (&& (== netcoreapp3.1) (< netstandard2.0)) (&& (== netcoreapp3.1) (< netstandard2.1)) (== netstandard2.0)
    DSharpPlus (4.2.0-nightly-01105)
      Emzi0767.Common (>= 2.6.2)
      Microsoft.Extensions.Logging.Abstractions (>= 5.0)
      Newtonsoft.Json (>= 13.0.1)
      System.Memory (>= 4.5.4)
      System.Net.Http (>= 4.3.4)
      System.Net.WebSockets (>= 4.3)
      System.Net.WebSockets.Client (>= 4.3.2)
      System.Runtime.InteropServices.RuntimeInformation (>= 4.3)
    DSharpPlus.VoiceNext (4.1)
      DSharpPlus (>= 4.1)
      DSharpPlus.VoiceNext.Natives (>= 1.0)
      System.Threading.Channels (>= 5.0)
    DSharpPlus.VoiceNext.Natives (1.0)
    Emzi0767.Common (2.6.2)
      System.Collections.Immutable (>= 5.0)
      System.Memory (>= 4.5.4)
      System.Runtime.CompilerServices.Unsafe (>= 5.0)
      System.ValueTuple (>= 4.5)
    Fizzler (1.3)
    FParsec (1.1.1)
      FSharp.Core (>= 4.3.4)
    FSharp.Core (5.0.2)
    Fuchu (1.1)
      FSharp.Core (>= 4.3.4)
    HtmlAgilityPack (1.11.36)
    Microsoft.Extensions.DependencyInjection.Abstractions (5.0)
    Microsoft.Extensions.Logging.Abstractions (5.0)
    Microsoft.NETCore.Platforms (5.0.2)
    Microsoft.NETCore.Targets (5.0)
    Microsoft.Win32.Primitives (4.3)
      Microsoft.NETCore.Platforms (>= 1.1)
      Microsoft.NETCore.Targets (>= 1.1)
      System.Runtime (>= 4.3)
    Microsoft.Win32.Registry (5.0)
      System.Buffers (>= 4.5.1) - restriction: || (&& (== netcoreapp3.1) (>= monoandroid) (< netstandard1.3)) (&& (== netcoreapp3.1) (>= monotouch)) (&& (== netcoreapp3.1) (< netcoreapp2.0)) (&& (== netcoreapp3.1) (>= xamarinios)) (&& (== netcoreapp3.1) (>= xamarinmac)) (&& (== netcoreapp3.1) (>= xamarintvos)) (&& (== netcoreapp3.1) (>= xamarinwatchos)) (== netstandard2.0)
      System.Memory (>= 4.5.4) - restriction: || (&& (== netcoreapp3.1) (< netcoreapp2.0)) (&& (== netcoreapp3.1) (< netcoreapp2.1)) (&& (== netcoreapp3.1) (>= uap10.1)) (== netstandard2.0)
      System.Security.AccessControl (>= 5.0)
      System.Security.Principal.Windows (>= 5.0)
    Microsoft.Win32.SystemEvents (5.0) - restriction: || (== netcoreapp3.1) (&& (== netstandard2.0) (>= netcoreapp2.0)) (&& (== netstandard2.0) (>= netcoreapp3.0))
      Microsoft.NETCore.Platforms (>= 5.0) - restriction: || (== netcoreapp3.1) (&& (== netstandard2.0) (>= netcoreapp2.0))
    MongoDB.Bson (2.13.2)
      System.Runtime.CompilerServices.Unsafe (>= 5.0)
    MongoDB.Driver (2.13.2)
      MongoDB.Bson (>= 2.13.2)
      MongoDB.Driver.Core (>= 2.13.2)
      MongoDB.Libmongocrypt (>= 1.2.2)
    MongoDB.Driver.Core (2.13.2)
      DnsClient (>= 1.4)
      MongoDB.Bson (>= 2.13.2)
      MongoDB.Libmongocrypt (>= 1.2.2)
      SharpCompress (>= 0.23)
      System.Buffers (>= 4.5.1)
    MongoDB.Libmongocrypt (1.2.3)
    Newtonsoft.Json (13.0.1)
    Newtonsoft.Json.Bson (1.0.2)
      Newtonsoft.Json (>= 12.0.1)
    runtime.debian.8-x64.runtime.native.System.Security.Cryptography.OpenSsl (4.3.3)
    runtime.debian.9-x64.runtime.native.System.Security.Cryptography.OpenSsl (4.3.3)
    runtime.fedora.23-x64.runtime.native.System.Security.Cryptography.OpenSsl (4.3.3)
    runtime.fedora.24-x64.runtime.native.System.Security.Cryptography.OpenSsl (4.3.3)
    runtime.fedora.27-x64.runtime.native.System.Security.Cryptography.OpenSsl (4.3.3)
    runtime.fedora.28-x64.runtime.native.System.Security.Cryptography.OpenSsl (4.3.3)
    runtime.native.System (4.3.1)
      Microsoft.NETCore.Platforms (>= 1.1.1)
      Microsoft.NETCore.Targets (>= 1.1.3)
    runtime.native.System.IO.Compression (4.3.2)
      Microsoft.NETCore.Platforms (>= 1.1.1)
      Microsoft.NETCore.Targets (>= 1.1.3)
    runtime.native.System.Net.Http (4.3.1)
      Microsoft.NETCore.Platforms (>= 1.1.1)
      Microsoft.NETCore.Targets (>= 1.1.3)
    runtime.native.System.Net.Security (4.3.1)
      Microsoft.NETCore.Platforms (>= 1.1.1)
      Microsoft.NETCore.Targets (>= 1.1.3)
    runtime.native.System.Security.Cryptography.Apple (4.3.1)
      runtime.osx.10.10-x64.runtime.native.System.Security.Cryptography.Apple (>= 4.3.1)
    runtime.native.System.Security.Cryptography.OpenSsl (4.3.3)
      runtime.debian.8-x64.runtime.native.System.Security.Cryptography.OpenSsl (>= 4.3.3)
      runtime.debian.9-x64.runtime.native.System.Security.Cryptography.OpenSsl (>= 4.3.3)
      runtime.fedora.23-x64.runtime.native.System.Security.Cryptography.OpenSsl (>= 4.3.3)
      runtime.fedora.24-x64.runtime.native.System.Security.Cryptography.OpenSsl (>= 4.3.3)
      runtime.fedora.27-x64.runtime.native.System.Security.Cryptography.OpenSsl (>= 4.3.3)
      runtime.fedora.28-x64.runtime.native.System.Security.Cryptography.OpenSsl (>= 4.3.3)
      runtime.opensuse.13.2-x64.runtime.native.System.Security.Cryptography.OpenSsl (>= 4.3.3)
      runtime.opensuse.42.1-x64.runtime.native.System.Security.Cryptography.OpenSsl (>= 4.3.3)
      runtime.opensuse.42.3-x64.runtime.native.System.Security.Cryptography.OpenSsl (>= 4.3.3)
      runtime.osx.10.10-x64.runtime.native.System.Security.Cryptography.OpenSsl (>= 4.3.3)
      runtime.rhel.7-x64.runtime.native.System.Security.Cryptography.OpenSsl (>= 4.3.3)
      runtime.ubuntu.14.04-x64.runtime.native.System.Security.Cryptography.OpenSsl (>= 4.3.3)
      runtime.ubuntu.16.04-x64.runtime.native.System.Security.Cryptography.OpenSsl (>= 4.3.3)
      runtime.ubuntu.16.10-x64.runtime.native.System.Security.Cryptography.OpenSsl (>= 4.3.3)
      runtime.ubuntu.18.04-x64.runtime.native.System.Security.Cryptography.OpenSsl (>= 4.3.3)
    runtime.opensuse.13.2-x64.runtime.native.System.Security.Cryptography.OpenSsl (4.3.3)
    runtime.opensuse.42.1-x64.runtime.native.System.Security.Cryptography.OpenSsl (4.3.3)
    runtime.opensuse.42.3-x64.runtime.native.System.Security.Cryptography.OpenSsl (4.3.3)
    runtime.osx.10.10-x64.CoreCompat.System.Drawing (6.0.5.128) - restriction: || (== netcoreapp3.1) (&& (== netstandard2.0) (>= netcoreapp2.2)) (&& (== netstandard2.0) (>= netcoreapp3.0))
    runtime.osx.10.10-x64.runtime.native.System.Security.Cryptography.Apple (4.3.1)
    runtime.osx.10.10-x64.runtime.native.System.Security.Cryptography.OpenSsl (4.3.3)
    runtime.rhel.7-x64.runtime.native.System.Security.Cryptography.OpenSsl (4.3.3)
    runtime.ubuntu.14.04-x64.runtime.native.System.Security.Cryptography.OpenSsl (4.3.3)
    runtime.ubuntu.16.04-x64.runtime.native.System.Security.Cryptography.OpenSsl (4.3.3)
    runtime.ubuntu.16.10-x64.runtime.native.System.Security.Cryptography.OpenSsl (4.3.3)
    runtime.ubuntu.18.04-x64.runtime.native.System.Security.Cryptography.OpenSsl (4.3.3)
    SharpCompress (0.30)
      System.Memory (>= 4.5.4) - restriction: || (&& (== netcoreapp3.1) (>= net461)) (&& (== netcoreapp3.1) (< netstandard2.1)) (== netstandard2.0)
      System.Text.Encoding.CodePages (>= 5.0) - restriction: || (&& (== netcoreapp3.1) (>= net461)) (&& (== netcoreapp3.1) (< netstandard2.1)) (== netstandard2.0)
    SixLabors.Fonts (1.0.0-beta15)
      System.Buffers (>= 4.5.1) - restriction: || (&& (== netcoreapp3.1) (< netstandard2.0)) (&& (== netcoreapp3.1) (< netstandard2.1)) (== netstandard2.0)
      System.IO.Compression (>= 4.3)
      System.IO.UnmanagedMemoryStream (>= 4.3)
      System.Memory (>= 4.5.4) - restriction: || (&& (== netcoreapp3.1) (< netstandard2.0)) (&& (== netcoreapp3.1) (< netstandard2.1)) (== netstandard2.0)
      System.Numerics.Vectors (>= 4.5)
      System.Runtime.CompilerServices.Unsafe (>= 4.7)
      System.Threading.Tasks.Parallel (>= 4.3)
      System.ValueTuple (>= 4.5)
    SixLabors.ImageSharp (1.0.4)
      System.Buffers (>= 4.5.1) - restriction: || (&& (== netcoreapp3.1) (>= net472)) (&& (== netcoreapp3.1) (< netcoreapp2.1)) (&& (== netcoreapp3.1) (< netstandard2.0)) (== netstandard2.0)
      System.Memory (>= 4.5.4) - restriction: || (&& (== netcoreapp3.1) (>= net472)) (&& (== netcoreapp3.1) (< netcoreapp2.1)) (&& (== netcoreapp3.1) (< netstandard2.0)) (== netstandard2.0)
      System.Numerics.Vectors (>= 4.5) - restriction: || (&& (== netcoreapp3.1) (>= net472)) (&& (== netcoreapp3.1) (< netcoreapp2.1)) (&& (== netcoreapp3.1) (< netstandard2.0)) (== netstandard2.0)
    SixLabors.ImageSharp.Drawing (1.0.0-beta13)
      SixLabors.Fonts (>= 1.0.0-beta15)
      SixLabors.ImageSharp (>= 1.0.3)
    Svg (3.2.3)
      Fizzler (>= 1.2)
      runtime.osx.10.10-x64.CoreCompat.System.Drawing (>= 5.8.64) - restriction: || (== netcoreapp3.1) (&& (== netstandard2.0) (>= netcoreapp2.2)) (&& (== netstandard2.0) (>= netcoreapp3.0))
      System.Drawing.Common (>= 4.7)
      System.Memory (>= 4.5.3)
      System.ObjectModel (>= 4.3)
      System.ValueTuple (>= 4.5)
    System.Buffers (4.5.1)
    System.Collections (4.3)
      Microsoft.NETCore.Platforms (>= 1.1)
      Microsoft.NETCore.Targets (>= 1.1)
      System.Runtime (>= 4.3)
    System.Collections.Concurrent (4.3)
      System.Collections (>= 4.3)
      System.Diagnostics.Debug (>= 4.3)
      System.Diagnostics.Tracing (>= 4.3)
      System.Globalization (>= 4.3)
      System.Reflection (>= 4.3)
      System.Resources.ResourceManager (>= 4.3)
      System.Runtime (>= 4.3)
      System.Runtime.Extensions (>= 4.3)
      System.Threading (>= 4.3)
      System.Threading.Tasks (>= 4.3)
    System.Collections.Immutable (5.0)
      System.Memory (>= 4.5.4) - restriction: || (&& (== netcoreapp3.1) (>= net461)) (&& (== netcoreapp3.1) (< netcoreapp2.1)) (&& (== netcoreapp3.1) (< netstandard2.0)) (&& (== netcoreapp3.1) (>= uap10.1)) (== netstandard2.0)
    System.Diagnostics.Debug (4.3)
      Microsoft.NETCore.Platforms (>= 1.1)
      Microsoft.NETCore.Targets (>= 1.1)
      System.Runtime (>= 4.3)
    System.Diagnostics.DiagnosticSource (5.0.1)
      System.Memory (>= 4.5.4) - restriction: || (&& (== netcoreapp3.1) (>= net45) (< netstandard1.3)) (&& (== netcoreapp3.1) (>= net46)) (&& (== netcoreapp3.1) (< netcoreapp2.1)) (&& (== netcoreapp3.1) (< netstandard2.0)) (&& (== netcoreapp3.1) (>= uap10.1)) (== netstandard2.0)
      System.Runtime.CompilerServices.Unsafe (>= 5.0) - restriction: || (&& (== netcoreapp3.1) (>= monoandroid) (< netstandard1.1)) (&& (== netcoreapp3.1) (>= monotouch)) (&& (== netcoreapp3.1) (>= net45) (< netstandard1.3)) (&& (== netcoreapp3.1) (>= net46)) (&& (== netcoreapp3.1) (< netcoreapp2.1)) (&& (== netcoreapp3.1) (< netcoreapp3.0)) (&& (== netcoreapp3.1) (< netstandard2.0)) (&& (== netcoreapp3.1) (>= uap10.1)) (== netstandard2.0)
    System.Diagnostics.Tracing (4.3)
      Microsoft.NETCore.Platforms (>= 1.1)
      Microsoft.NETCore.Targets (>= 1.1)
      System.Runtime (>= 4.3)
    System.Drawing.Common (5.0.2)
      Microsoft.Win32.SystemEvents (>= 5.0) - restriction: || (== netcoreapp3.1) (&& (== netstandard2.0) (>= netcoreapp2.0)) (&& (== netstandard2.0) (>= netcoreapp3.0))
    System.Formats.Asn1 (5.0) - restriction: || (== netcoreapp3.1) (&& (== netstandard2.0) (>= netcoreapp3.0))
    System.Globalization (4.3)
      Microsoft.NETCore.Platforms (>= 1.1)
      Microsoft.NETCore.Targets (>= 1.1)
      System.Runtime (>= 4.3)
    System.Globalization.Calendars (4.3)
      Microsoft.NETCore.Platforms (>= 1.1)
      Microsoft.NETCore.Targets (>= 1.1)
      System.Globalization (>= 4.3)
      System.Runtime (>= 4.3)
    System.Globalization.Extensions (4.3)
      Microsoft.NETCore.Platforms (>= 1.1)
      System.Globalization (>= 4.3)
      System.Resources.ResourceManager (>= 4.3)
      System.Runtime (>= 4.3)
      System.Runtime.Extensions (>= 4.3)
      System.Runtime.InteropServices (>= 4.3)
    System.IO (4.3)
      Microsoft.NETCore.Platforms (>= 1.1)
      Microsoft.NETCore.Targets (>= 1.1)
      System.Runtime (>= 4.3)
      System.Text.Encoding (>= 4.3)
      System.Threading.Tasks (>= 4.3)
    System.IO.Compression (4.3)
      Microsoft.NETCore.Platforms (>= 1.1)
      runtime.native.System (>= 4.3)
      runtime.native.System.IO.Compression (>= 4.3)
      System.Buffers (>= 4.3)
      System.Collections (>= 4.3)
      System.Diagnostics.Debug (>= 4.3)
      System.IO (>= 4.3)
      System.Resources.ResourceManager (>= 4.3)
      System.Runtime (>= 4.3)
      System.Runtime.Extensions (>= 4.3)
      System.Runtime.Handles (>= 4.3)
      System.Runtime.InteropServices (>= 4.3)
      System.Text.Encoding (>= 4.3)
      System.Threading (>= 4.3)
      System.Threading.Tasks (>= 4.3)
    System.IO.FileSystem (4.3)
      Microsoft.NETCore.Platforms (>= 1.1)
      Microsoft.NETCore.Targets (>= 1.1)
      System.IO (>= 4.3)
      System.IO.FileSystem.Primitives (>= 4.3)
      System.Runtime (>= 4.3)
      System.Runtime.Handles (>= 4.3)
      System.Text.Encoding (>= 4.3)
      System.Threading.Tasks (>= 4.3)
    System.IO.FileSystem.Primitives (4.3)
      System.Runtime (>= 4.3)
    System.IO.UnmanagedMemoryStream (4.3)
      System.Buffers (>= 4.3)
      System.Diagnostics.Debug (>= 4.3)
      System.IO (>= 4.3)
      System.IO.FileSystem.Primitives (>= 4.3)
      System.Resources.ResourceManager (>= 4.3)
      System.Runtime (>= 4.3)
      System.Runtime.InteropServices (>= 4.3)
      System.Threading (>= 4.3)
      System.Threading.Tasks (>= 4.3)
    System.Linq (4.3)
      System.Collections (>= 4.3)
      System.Diagnostics.Debug (>= 4.3)
      System.Resources.ResourceManager (>= 4.3)
      System.Runtime (>= 4.3)
      System.Runtime.Extensions (>= 4.3)
    System.Memory (4.5.4)
      System.Buffers (>= 4.5.1) - restriction: || (&& (== netcoreapp3.1) (>= monotouch)) (&& (== netcoreapp3.1) (>= net461)) (&& (== netcoreapp3.1) (< netcoreapp2.0)) (&& (== netcoreapp3.1) (< netstandard1.1)) (&& (== netcoreapp3.1) (< netstandard2.0)) (&& (== netcoreapp3.1) (>= xamarinios)) (&& (== netcoreapp3.1) (>= xamarinmac)) (&& (== netcoreapp3.1) (>= xamarintvos)) (&& (== netcoreapp3.1) (>= xamarinwatchos)) (== netstandard2.0)
      System.Numerics.Vectors (>= 4.4) - restriction: || (&& (== netcoreapp3.1) (< netcoreapp2.0)) (== netstandard2.0)
      System.Runtime.CompilerServices.Unsafe (>= 4.5.3) - restriction: || (&& (== netcoreapp3.1) (>= monotouch)) (&& (== netcoreapp3.1) (>= net461)) (&& (== netcoreapp3.1) (< netcoreapp2.0)) (&& (== netcoreapp3.1) (< netcoreapp2.1)) (&& (== netcoreapp3.1) (< netstandard1.1)) (&& (== netcoreapp3.1) (< netstandard2.0)) (&& (== netcoreapp3.1) (>= uap10.1)) (&& (== netcoreapp3.1) (>= xamarinios)) (&& (== netcoreapp3.1) (>= xamarinmac)) (&& (== netcoreapp3.1) (>= xamarintvos)) (&& (== netcoreapp3.1) (>= xamarinwatchos)) (== netstandard2.0)
    System.Net.Http (4.3.4)
      Microsoft.NETCore.Platforms (>= 1.1.1)
      runtime.native.System (>= 4.3)
      runtime.native.System.Net.Http (>= 4.3)
      runtime.native.System.Security.Cryptography.OpenSsl (>= 4.3.2)
      System.Collections (>= 4.3)
      System.Diagnostics.Debug (>= 4.3)
      System.Diagnostics.DiagnosticSource (>= 4.3)
      System.Diagnostics.Tracing (>= 4.3)
      System.Globalization (>= 4.3)
      System.Globalization.Extensions (>= 4.3)
      System.IO (>= 4.3)
      System.IO.FileSystem (>= 4.3)
      System.Net.Primitives (>= 4.3)
      System.Resources.ResourceManager (>= 4.3)
      System.Runtime (>= 4.3)
      System.Runtime.Extensions (>= 4.3)
      System.Runtime.Handles (>= 4.3)
      System.Runtime.InteropServices (>= 4.3)
      System.Security.Cryptography.Algorithms (>= 4.3)
      System.Security.Cryptography.Encoding (>= 4.3)
      System.Security.Cryptography.OpenSsl (>= 4.3)
      System.Security.Cryptography.Primitives (>= 4.3)
      System.Security.Cryptography.X509Certificates (>= 4.3)
      System.Text.Encoding (>= 4.3)
      System.Threading (>= 4.3)
      System.Threading.Tasks (>= 4.3)
    System.Net.NameResolution (4.3)
      Microsoft.NETCore.Platforms (>= 1.1)
      runtime.native.System (>= 4.3)
      System.Collections (>= 4.3)
      System.Diagnostics.Tracing (>= 4.3)
      System.Globalization (>= 4.3)
      System.Net.Primitives (>= 4.3)
      System.Resources.ResourceManager (>= 4.3)
      System.Runtime (>= 4.3)
      System.Runtime.Extensions (>= 4.3)
      System.Runtime.Handles (>= 4.3)
      System.Runtime.InteropServices (>= 4.3)
      System.Security.Principal.Windows (>= 4.3)
      System.Threading (>= 4.3)
      System.Threading.Tasks (>= 4.3)
    System.Net.Primitives (4.3.1)
      Microsoft.NETCore.Platforms (>= 1.1.1)
      Microsoft.NETCore.Targets (>= 1.1.3)
      System.Runtime (>= 4.3.1)
      System.Runtime.Handles (>= 4.3)
    System.Net.Security (4.3.2)
      Microsoft.NETCore.Platforms (>= 1.1)
      Microsoft.Win32.Primitives (>= 4.3)
      runtime.native.System (>= 4.3)
      runtime.native.System.Net.Security (>= 4.3)
      runtime.native.System.Security.Cryptography.OpenSsl (>= 4.3.2)
      System.Collections (>= 4.3)
      System.Collections.Concurrent (>= 4.3)
      System.Diagnostics.Tracing (>= 4.3)
      System.Globalization (>= 4.3)
      System.Globalization.Extensions (>= 4.3)
      System.IO (>= 4.3)
      System.Net.Primitives (>= 4.3)
      System.Resources.ResourceManager (>= 4.3)
      System.Runtime (>= 4.3)
      System.Runtime.Extensions (>= 4.3)
      System.Runtime.Handles (>= 4.3)
      System.Runtime.InteropServices (>= 4.3)
      System.Security.Claims (>= 4.3)
      System.Security.Cryptography.Algorithms (>= 4.3)
      System.Security.Cryptography.Encoding (>= 4.3)
      System.Security.Cryptography.OpenSsl (>= 4.3)
      System.Security.Cryptography.Primitives (>= 4.3)
      System.Security.Cryptography.X509Certificates (>= 4.3)
      System.Security.Principal (>= 4.3)
      System.Text.Encoding (>= 4.3)
      System.Threading (>= 4.3)
      System.Threading.Tasks (>= 4.3)
      System.Threading.ThreadPool (>= 4.3)
    System.Net.Sockets (4.3)
      Microsoft.NETCore.Platforms (>= 1.1)
      Microsoft.NETCore.Targets (>= 1.1)
      System.IO (>= 4.3)
      System.Net.Primitives (>= 4.3)
      System.Runtime (>= 4.3)
      System.Threading.Tasks (>= 4.3)
    System.Net.WebHeaderCollection (4.3)
      System.Collections (>= 4.3)
      System.Resources.ResourceManager (>= 4.3)
      System.Runtime (>= 4.3)
      System.Runtime.Extensions (>= 4.3)
    System.Net.WebSockets (4.3)
      Microsoft.Win32.Primitives (>= 4.3)
      System.Resources.ResourceManager (>= 4.3)
      System.Runtime (>= 4.3)
      System.Threading.Tasks (>= 4.3)
    System.Net.WebSockets.Client (4.3.2)
      Microsoft.NETCore.Platforms (>= 1.1)
      Microsoft.Win32.Primitives (>= 4.3)
      System.Collections (>= 4.3)
      System.Diagnostics.Debug (>= 4.3)
      System.Diagnostics.Tracing (>= 4.3)
      System.Globalization (>= 4.3)
      System.IO (>= 4.3)
      System.Net.NameResolution (>= 4.3)
      System.Net.Primitives (>= 4.3)
      System.Net.Security (>= 4.3)
      System.Net.Sockets (>= 4.3)
      System.Net.WebHeaderCollection (>= 4.3)
      System.Net.WebSockets (>= 4.3)
      System.Resources.ResourceManager (>= 4.3)
      System.Runtime (>= 4.3)
      System.Runtime.Extensions (>= 4.3)
      System.Runtime.Handles (>= 4.3)
      System.Runtime.InteropServices (>= 4.3)
      System.Security.Cryptography.Algorithms (>= 4.3)
      System.Security.Cryptography.Primitives (>= 4.3)
      System.Security.Cryptography.X509Certificates (>= 4.3)
      System.Text.Encoding (>= 4.3)
      System.Text.Encoding.Extensions (>= 4.3)
      System.Threading (>= 4.3)
      System.Threading.Tasks (>= 4.3)
      System.Threading.Timer (>= 4.3)
    System.Numerics.Vectors (4.5)
    System.ObjectModel (4.3)
      System.Collections (>= 4.3)
      System.Diagnostics.Debug (>= 4.3)
      System.Resources.ResourceManager (>= 4.3)
      System.Runtime (>= 4.3)
      System.Threading (>= 4.3)
    System.Reflection (4.3)
      Microsoft.NETCore.Platforms (>= 1.1)
      Microsoft.NETCore.Targets (>= 1.1)
      System.IO (>= 4.3)
      System.Reflection.Primitives (>= 4.3)
      System.Runtime (>= 4.3)
    System.Reflection.Extensions (4.3)
      Microsoft.NETCore.Platforms (>= 1.1)
      Microsoft.NETCore.Targets (>= 1.1)
      System.Reflection (>= 4.3)
      System.Runtime (>= 4.3)
    System.Reflection.Primitives (4.3)
      Microsoft.NETCore.Platforms (>= 1.1)
      Microsoft.NETCore.Targets (>= 1.1)
      System.Runtime (>= 4.3)
    System.Resources.ResourceManager (4.3)
      Microsoft.NETCore.Platforms (>= 1.1)
      Microsoft.NETCore.Targets (>= 1.1)
      System.Globalization (>= 4.3)
      System.Reflection (>= 4.3)
      System.Runtime (>= 4.3)
    System.Runtime (4.3.1)
      Microsoft.NETCore.Platforms (>= 1.1.1)
      Microsoft.NETCore.Targets (>= 1.1.3)
    System.Runtime.CompilerServices.Unsafe (5.0)
    System.Runtime.Extensions (4.3.1)
      Microsoft.NETCore.Platforms (>= 1.1.1)
      Microsoft.NETCore.Targets (>= 1.1.3)
      System.Runtime (>= 4.3.1)
    System.Runtime.Handles (4.3)
      Microsoft.NETCore.Platforms (>= 1.1)
      Microsoft.NETCore.Targets (>= 1.1)
      System.Runtime (>= 4.3)
    System.Runtime.InteropServices (4.3)
      Microsoft.NETCore.Platforms (>= 1.1)
      Microsoft.NETCore.Targets (>= 1.1)
      System.Reflection (>= 4.3)
      System.Reflection.Primitives (>= 4.3)
      System.Runtime (>= 4.3)
      System.Runtime.Handles (>= 4.3)
    System.Runtime.InteropServices.RuntimeInformation (4.3)
      runtime.native.System (>= 4.3)
      System.Reflection (>= 4.3)
      System.Reflection.Extensions (>= 4.3)
      System.Resources.ResourceManager (>= 4.3)
      System.Runtime (>= 4.3)
      System.Runtime.InteropServices (>= 4.3)
      System.Threading (>= 4.3)
    System.Runtime.Numerics (4.3)
      System.Globalization (>= 4.3)
      System.Resources.ResourceManager (>= 4.3)
      System.Runtime (>= 4.3)
      System.Runtime.Extensions (>= 4.3)
    System.Security.AccessControl (5.0)
      Microsoft.NETCore.Platforms (>= 5.0) - restriction: || (== netcoreapp3.1) (&& (== netstandard2.0) (>= netcoreapp2.0))
      System.Security.Principal.Windows (>= 5.0)
    System.Security.Claims (4.3)
      System.Collections (>= 4.3)
      System.Globalization (>= 4.3)
      System.IO (>= 4.3)
      System.Resources.ResourceManager (>= 4.3)
      System.Runtime (>= 4.3)
      System.Runtime.Extensions (>= 4.3)
      System.Security.Principal (>= 4.3)
    System.Security.Cryptography.Algorithms (4.3.1)
      Microsoft.NETCore.Platforms (>= 1.1)
      runtime.native.System.Security.Cryptography.Apple (>= 4.3.1)
      runtime.native.System.Security.Cryptography.OpenSsl (>= 4.3.2)
      System.Collections (>= 4.3)
      System.IO (>= 4.3)
      System.Resources.ResourceManager (>= 4.3)
      System.Runtime (>= 4.3)
      System.Runtime.Extensions (>= 4.3)
      System.Runtime.Handles (>= 4.3)
      System.Runtime.InteropServices (>= 4.3)
      System.Runtime.Numerics (>= 4.3)
      System.Security.Cryptography.Encoding (>= 4.3)
      System.Security.Cryptography.Primitives (>= 4.3)
      System.Text.Encoding (>= 4.3)
    System.Security.Cryptography.Cng (5.0)
      System.Formats.Asn1 (>= 5.0) - restriction: || (== netcoreapp3.1) (&& (== netstandard2.0) (>= netcoreapp3.0))
    System.Security.Cryptography.Csp (4.3)
      Microsoft.NETCore.Platforms (>= 1.1)
      System.IO (>= 4.3)
      System.Reflection (>= 4.3)
      System.Resources.ResourceManager (>= 4.3)
      System.Runtime (>= 4.3)
      System.Runtime.Extensions (>= 4.3)
      System.Runtime.Handles (>= 4.3)
      System.Runtime.InteropServices (>= 4.3)
      System.Security.Cryptography.Algorithms (>= 4.3)
      System.Security.Cryptography.Encoding (>= 4.3)
      System.Security.Cryptography.Primitives (>= 4.3)
      System.Text.Encoding (>= 4.3)
      System.Threading (>= 4.3)
    System.Security.Cryptography.Encoding (4.3)
      Microsoft.NETCore.Platforms (>= 1.1)
      runtime.native.System.Security.Cryptography.OpenSsl (>= 4.3)
      System.Collections (>= 4.3)
      System.Collections.Concurrent (>= 4.3)
      System.Linq (>= 4.3)
      System.Resources.ResourceManager (>= 4.3)
      System.Runtime (>= 4.3)
      System.Runtime.Extensions (>= 4.3)
      System.Runtime.Handles (>= 4.3)
      System.Runtime.InteropServices (>= 4.3)
      System.Security.Cryptography.Primitives (>= 4.3)
      System.Text.Encoding (>= 4.3)
    System.Security.Cryptography.OpenSsl (5.0)
      System.Formats.Asn1 (>= 5.0) - restriction: || (== netcoreapp3.1) (&& (== netstandard2.0) (>= netcoreapp3.0))
    System.Security.Cryptography.Primitives (4.3)
      System.Diagnostics.Debug (>= 4.3)
      System.Globalization (>= 4.3)
      System.IO (>= 4.3)
      System.Resources.ResourceManager (>= 4.3)
      System.Runtime (>= 4.3)
      System.Threading (>= 4.3)
      System.Threading.Tasks (>= 4.3)
    System.Security.Cryptography.X509Certificates (4.3.2)
      Microsoft.NETCore.Platforms (>= 1.1)
      runtime.native.System (>= 4.3)
      runtime.native.System.Net.Http (>= 4.3)
      runtime.native.System.Security.Cryptography.OpenSsl (>= 4.3.2)
      System.Collections (>= 4.3)
      System.Diagnostics.Debug (>= 4.3)
      System.Globalization (>= 4.3)
      System.Globalization.Calendars (>= 4.3)
      System.IO (>= 4.3)
      System.IO.FileSystem (>= 4.3)
      System.IO.FileSystem.Primitives (>= 4.3)
      System.Resources.ResourceManager (>= 4.3)
      System.Runtime (>= 4.3)
      System.Runtime.Extensions (>= 4.3)
      System.Runtime.Handles (>= 4.3)
      System.Runtime.InteropServices (>= 4.3)
      System.Runtime.Numerics (>= 4.3)
      System.Security.Cryptography.Algorithms (>= 4.3)
      System.Security.Cryptography.Cng (>= 4.3)
      System.Security.Cryptography.Csp (>= 4.3)
      System.Security.Cryptography.Encoding (>= 4.3)
      System.Security.Cryptography.OpenSsl (>= 4.3)
      System.Security.Cryptography.Primitives (>= 4.3)
      System.Text.Encoding (>= 4.3)
      System.Threading (>= 4.3)
    System.Security.Principal (4.3)
      System.Runtime (>= 4.3)
    System.Security.Principal.Windows (5.0)
    System.Text.Encoding (4.3)
      Microsoft.NETCore.Platforms (>= 1.1)
      Microsoft.NETCore.Targets (>= 1.1)
      System.Runtime (>= 4.3)
    System.Text.Encoding.CodePages (5.0) - restriction: || (&& (== netcoreapp3.1) (>= net461)) (&& (== netcoreapp3.1) (< netstandard2.1)) (== netstandard2.0)
      System.Runtime.CompilerServices.Unsafe (>= 5.0)
    System.Text.Encoding.Extensions (4.3)
      Microsoft.NETCore.Platforms (>= 1.1)
      Microsoft.NETCore.Targets (>= 1.1)
      System.Runtime (>= 4.3)
      System.Text.Encoding (>= 4.3)
    System.Threading (4.3)
      System.Runtime (>= 4.3)
      System.Threading.Tasks (>= 4.3)
    System.Threading.Channels (6.0)
      System.Threading.Tasks.Extensions (>= 4.5.4) - restriction: || (&& (== netcoreapp3.1) (>= net461)) (&& (== netcoreapp3.1) (< netstandard2.1)) (== netstandard2.0)
    System.Threading.Tasks (4.3)
      Microsoft.NETCore.Platforms (>= 1.1)
      Microsoft.NETCore.Targets (>= 1.1)
      System.Runtime (>= 4.3)
    System.Threading.Tasks.Extensions (4.5.4) - restriction: || (&& (== netcoreapp3.1) (>= net461)) (&& (== netcoreapp3.1) (< netstandard2.1)) (== netstandard2.0)
      System.Runtime.CompilerServices.Unsafe (>= 4.5.3) - restriction: || (&& (== netcoreapp3.1) (>= net461)) (&& (== netcoreapp3.1) (< netcoreapp2.1)) (&& (== netcoreapp3.1) (< netstandard1.0)) (&& (== netcoreapp3.1) (< netstandard2.0)) (&& (== netcoreapp3.1) (>= wp8)) (== netstandard2.0)
    System.Threading.Tasks.Parallel (4.3)
      System.Collections.Concurrent (>= 4.3)
      System.Diagnostics.Debug (>= 4.3)
      System.Diagnostics.Tracing (>= 4.3)
      System.Resources.ResourceManager (>= 4.3)
      System.Runtime (>= 4.3)
      System.Runtime.Extensions (>= 4.3)
      System.Threading (>= 4.3)
      System.Threading.Tasks (>= 4.3)
    System.Threading.ThreadPool (4.3)
      System.Runtime (>= 4.3)
      System.Runtime.Handles (>= 4.3)
    System.Threading.Timer (4.3)
      Microsoft.NETCore.Platforms (>= 1.1)
      Microsoft.NETCore.Targets (>= 1.1)
      System.Runtime (>= 4.3)
    System.ValueTuple (4.5)
    TextCopy (4.3.1)
      Microsoft.Extensions.DependencyInjection.Abstractions (>= 5.0)
    YamlDotNet (11.2.1)
  remote: https://gitlab.com/api/v4/projects/28574921/packages/nuget/index.json
    FSharpMyExt (1.0.0)
      FParsec (>= 1.1.1)
      FSharp.Core (>= 4.7.2)
      Fuchu (>= 1.1)
      HtmlAgilityPack (>= 1.11.24)
      Newtonsoft.Json (>= 12.0.3)
      Newtonsoft.Json.Bson (>= 1.0.2)
      System.Drawing.Common (>= 4.7)
      TextCopy (>= 4.2)
      YamlDotNet (>= 8.1.2)

GROUP Build
STORAGE: NONE
RESTRICTION: == net6.0
NUGET
  remote: https://api.nuget.org/v3/index.json
    BlackFox.VsWhere (1.1)
      FSharp.Core (>= 4.2.3)
      Microsoft.Win32.Registry (>= 4.7)
    Fake.Core.CommandLineParsing (5.22)
      FParsec (>= 1.1.1)
      FSharp.Core (>= 6.0)
    Fake.Core.Context (5.22)
      FSharp.Core (>= 6.0)
    Fake.Core.Environment (5.22)
      FSharp.Core (>= 6.0)
    Fake.Core.FakeVar (5.22)
      Fake.Core.Context (>= 5.22)
      FSharp.Core (>= 6.0)
    Fake.Core.Process (5.22)
      Fake.Core.Environment (>= 5.22)
      Fake.Core.FakeVar (>= 5.22)
      Fake.Core.String (>= 5.22)
      Fake.Core.Trace (>= 5.22)
      Fake.IO.FileSystem (>= 5.22)
      FSharp.Core (>= 6.0)
      System.Collections.Immutable (>= 5.0)
    Fake.Core.ReleaseNotes (5.22)
      Fake.Core.SemVer (>= 5.22)
      Fake.Core.String (>= 5.22)
      FSharp.Core (>= 6.0)
    Fake.Core.SemVer (5.22)
      FSharp.Core (>= 6.0)
    Fake.Core.String (5.22)
      FSharp.Core (>= 6.0)
    Fake.Core.Target (5.22)
      Fake.Core.CommandLineParsing (>= 5.22)
      Fake.Core.Context (>= 5.22)
      Fake.Core.Environment (>= 5.22)
      Fake.Core.FakeVar (>= 5.22)
      Fake.Core.Process (>= 5.22)
      Fake.Core.String (>= 5.22)
      Fake.Core.Trace (>= 5.22)
      FSharp.Control.Reactive (>= 5.0.2)
      FSharp.Core (>= 6.0)
    Fake.Core.Tasks (5.22)
      Fake.Core.Trace (>= 5.22)
      FSharp.Core (>= 6.0)
    Fake.Core.Trace (5.22)
      Fake.Core.Environment (>= 5.22)
      Fake.Core.FakeVar (>= 5.22)
      FSharp.Core (>= 6.0)
    Fake.Core.Xml (5.22)
      Fake.Core.String (>= 5.22)
      FSharp.Core (>= 6.0)
    Fake.DotNet.Cli (5.22)
      Fake.Core.Environment (>= 5.22)
      Fake.Core.Process (>= 5.22)
      Fake.Core.String (>= 5.22)
      Fake.Core.Trace (>= 5.22)
      Fake.DotNet.MSBuild (>= 5.22)
      Fake.DotNet.NuGet (>= 5.22)
      Fake.IO.FileSystem (>= 5.22)
      FSharp.Core (>= 6.0)
      Mono.Posix.NETStandard (>= 1.0)
      Newtonsoft.Json (>= 13.0.1)
    Fake.DotNet.MSBuild (5.22)
      BlackFox.VsWhere (>= 1.1)
      Fake.Core.Environment (>= 5.22)
      Fake.Core.Process (>= 5.22)
      Fake.Core.String (>= 5.22)
      Fake.Core.Trace (>= 5.22)
      Fake.IO.FileSystem (>= 5.22)
      FSharp.Core (>= 6.0)
      MSBuild.StructuredLogger (>= 2.1.545)
    Fake.DotNet.NuGet (5.22)
      Fake.Core.Environment (>= 5.22)
      Fake.Core.Process (>= 5.22)
      Fake.Core.SemVer (>= 5.22)
      Fake.Core.String (>= 5.22)
      Fake.Core.Tasks (>= 5.22)
      Fake.Core.Trace (>= 5.22)
      Fake.Core.Xml (>= 5.22)
      Fake.IO.FileSystem (>= 5.22)
      Fake.Net.Http (>= 5.22)
      FSharp.Core (>= 6.0)
      Newtonsoft.Json (>= 13.0.1)
      NuGet.Protocol (>= 5.11)
    Fake.IO.FileSystem (5.22)
      Fake.Core.String (>= 5.22)
      FSharp.Core (>= 6.0)
    Fake.Net.Http (5.22)
      Fake.Core.Trace (>= 5.22)
      FSharp.Core (>= 6.0)
    Farmer (1.7.4)
      FSharp.Core (>= 5.0)
      System.Text.Json (>= 5.0)
    FParsec (1.1.1)
      FSharp.Core (>= 4.3.4)
    FSharp.Control.Reactive (5.0.5)
      FSharp.Core (>= 4.7.2)
      System.Reactive (>= 5.0 < 6.0)
    FSharp.Core (6.0.5)
    Microsoft.Build (17.2)
      Microsoft.Build.Framework (>= 17.2)
      Microsoft.NET.StringTools (>= 1.0)
      Microsoft.Win32.Registry (>= 4.3)
      System.Collections.Immutable (>= 5.0)
      System.Configuration.ConfigurationManager (>= 4.7)
      System.Reflection.Metadata (>= 1.6)
      System.Security.Principal.Windows (>= 4.7)
      System.Text.Encoding.CodePages (>= 4.0.1)
      System.Text.Json (>= 6.0)
      System.Threading.Tasks.Dataflow (>= 6.0)
    Microsoft.Build.Framework (17.2)
      Microsoft.Win32.Registry (>= 4.3)
      System.Security.Permissions (>= 4.7)
    Microsoft.Build.Tasks.Core (17.2)
      Microsoft.Build.Framework (>= 17.2)
      Microsoft.Build.Utilities.Core (>= 17.2)
      Microsoft.NET.StringTools (>= 1.0)
      Microsoft.Win32.Registry (>= 4.3)
      System.CodeDom (>= 4.4)
      System.Collections.Immutable (>= 5.0)
      System.Reflection.Metadata (>= 1.6)
      System.Resources.Extensions (>= 4.6)
      System.Security.Cryptography.Pkcs (>= 4.7)
      System.Security.Cryptography.Xml (>= 4.7)
      System.Security.Permissions (>= 4.7)
      System.Threading.Tasks.Dataflow (>= 6.0)
    Microsoft.Build.Utilities.Core (17.2)
      Microsoft.Build.Framework (>= 17.2)
      Microsoft.NET.StringTools (>= 1.0)
      Microsoft.Win32.Registry (>= 4.3)
      System.Collections.Immutable (>= 5.0)
      System.Configuration.ConfigurationManager (>= 4.7)
    Microsoft.NET.StringTools (1.0)
      System.Memory (>= 4.5.4)
      System.Runtime.CompilerServices.Unsafe (>= 5.0)
    Microsoft.Win32.Registry (5.0)
      System.Security.AccessControl (>= 5.0)
      System.Security.Principal.Windows (>= 5.0)
    Microsoft.Win32.SystemEvents (6.0.1)
    Mono.Posix.NETStandard (1.0)
    MSBuild.StructuredLogger (2.1.669)
      Microsoft.Build (>= 16.10)
      Microsoft.Build.Framework (>= 16.10)
      Microsoft.Build.Tasks.Core (>= 16.10)
      Microsoft.Build.Utilities.Core (>= 16.10)
    Newtonsoft.Json (13.0.1)
    NuGet.Common (6.2.1)
      NuGet.Frameworks (>= 6.2.1)
    NuGet.Configuration (6.2.1)
      NuGet.Common (>= 6.2.1)
      System.Security.Cryptography.ProtectedData (>= 4.4)
    NuGet.Frameworks (6.2.1)
    NuGet.Packaging (6.2.1)
      Newtonsoft.Json (>= 13.0.1)
      NuGet.Configuration (>= 6.2.1)
      NuGet.Versioning (>= 6.2.1)
      System.Security.Cryptography.Cng (>= 5.0)
      System.Security.Cryptography.Pkcs (>= 5.0)
    NuGet.Protocol (6.2.1)
      NuGet.Packaging (>= 6.2.1)
    NuGet.Versioning (6.2.1)
    System.CodeDom (6.0)
    System.Collections.Immutable (6.0)
      System.Runtime.CompilerServices.Unsafe (>= 6.0)
    System.Configuration.ConfigurationManager (6.0)
      System.Security.Cryptography.ProtectedData (>= 6.0)
      System.Security.Permissions (>= 6.0)
    System.Drawing.Common (6.0)
      Microsoft.Win32.SystemEvents (>= 6.0)
    System.Formats.Asn1 (6.0)
    System.Memory (4.5.5)
    System.Reactive (5.0)
    System.Reflection.Metadata (6.0.1)
      System.Collections.Immutable (>= 6.0)
    System.Resources.Extensions (6.0)
    System.Runtime.CompilerServices.Unsafe (6.0)
    System.Security.AccessControl (6.0)
    System.Security.Cryptography.Cng (5.0)
      System.Formats.Asn1 (>= 5.0)
    System.Security.Cryptography.Pkcs (6.0.1)
      System.Formats.Asn1 (>= 6.0)
    System.Security.Cryptography.ProtectedData (6.0)
    System.Security.Cryptography.Xml (6.0)
      System.Security.AccessControl (>= 6.0)
      System.Security.Cryptography.Pkcs (>= 6.0)
    System.Security.Permissions (6.0)
      System.Security.AccessControl (>= 6.0)
      System.Windows.Extensions (>= 6.0)
    System.Security.Principal.Windows (5.0)
    System.Text.Encoding.CodePages (6.0)
      System.Runtime.CompilerServices.Unsafe (>= 6.0)
    System.Text.Encodings.Web (6.0)
      System.Runtime.CompilerServices.Unsafe (>= 6.0)
    System.Text.Json (6.0.5)
      System.Runtime.CompilerServices.Unsafe (>= 6.0)
      System.Text.Encodings.Web (>= 6.0)
    System.Threading.Tasks.Dataflow (6.0)
    System.Windows.Extensions (6.0)
      System.Drawing.Common (>= 6.0)

GROUP Server
STORAGE: NONE
RESTRICTION: || (== net6.0) (== netcoreapp3.1) (== netstandard2.0)
NUGET
  remote: https://api.nuget.org/v3/index.json
    FSharp.Control.Websockets (0.2.2) - restriction: || (== net6.0) (&& (== netcoreapp3.1) (>= net6.0)) (&& (== netstandard2.0) (>= net6.0))
      FSharp.Core (>= 4.3.4)
      Microsoft.IO.RecyclableMemoryStream (>= 1.2.2)
    FSharp.Core (6.0.5) - restriction: || (== net6.0) (&& (== netcoreapp3.1) (>= net6.0)) (&& (== netstandard2.0) (>= net6.0))
    Giraffe (6.0) - restriction: || (== net6.0) (&& (== netcoreapp3.1) (>= net6.0)) (&& (== netstandard2.0) (>= net6.0))
      FSharp.Core (>= 6.0.1) - restriction: || (== net6.0) (&& (== netcoreapp3.1) (>= net6.0)) (&& (== netstandard2.0) (>= net6.0))
      Giraffe.ViewEngine (>= 1.3) - restriction: || (== net6.0) (&& (== netcoreapp3.1) (>= net6.0)) (&& (== netstandard2.0) (>= net6.0))
      Microsoft.IO.RecyclableMemoryStream (>= 2.2) - restriction: || (== net6.0) (&& (== netcoreapp3.1) (>= net6.0)) (&& (== netstandard2.0) (>= net6.0))
      Newtonsoft.Json (>= 13.0.1) - restriction: || (== net6.0) (&& (== netcoreapp3.1) (>= net6.0)) (&& (== netstandard2.0) (>= net6.0))
      System.Text.Json (>= 6.0.2) - restriction: || (== net6.0) (&& (== netcoreapp3.1) (>= net6.0)) (&& (== netstandard2.0) (>= net6.0))
      Utf8Json (>= 1.3.7) - restriction: || (== net6.0) (&& (== netcoreapp3.1) (>= net6.0)) (&& (== netstandard2.0) (>= net6.0))
    Giraffe.ViewEngine (1.4) - restriction: || (== net6.0) (&& (== netcoreapp3.1) (>= net6.0)) (&& (== netstandard2.0) (>= net6.0))
      FSharp.Core (>= 5.0)
    Microsoft.AspNetCore.Authentication.JwtBearer (6.0.6) - restriction: || (== net6.0) (&& (== netcoreapp3.1) (>= net6.0)) (&& (== netstandard2.0) (>= net6.0))
      Microsoft.IdentityModel.Protocols.OpenIdConnect (>= 6.10) - restriction: || (== net6.0) (&& (== netcoreapp3.1) (>= net6.0)) (&& (== netstandard2.0) (>= net6.0))
    Microsoft.CSharp (4.7) - restriction: || (== net6.0) (&& (== netcoreapp3.1) (>= net6.0)) (&& (== netstandard2.0) (>= net6.0))
    Microsoft.IdentityModel.Abstractions (6.21) - restriction: || (== net6.0) (&& (== netcoreapp3.1) (>= net6.0)) (&& (== netstandard2.0) (>= net6.0))
    Microsoft.IdentityModel.JsonWebTokens (6.21) - restriction: || (== net6.0) (&& (== netcoreapp3.1) (>= net6.0)) (&& (== netstandard2.0) (>= net6.0))
      Microsoft.IdentityModel.Tokens (>= 6.21)
    Microsoft.IdentityModel.Logging (6.21) - restriction: || (== net6.0) (&& (== netcoreapp3.1) (>= net6.0)) (&& (== netstandard2.0) (>= net6.0))
      Microsoft.IdentityModel.Abstractions (>= 6.21)
    Microsoft.IdentityModel.Protocols (6.21) - restriction: || (== net6.0) (&& (== netcoreapp3.1) (>= net6.0)) (&& (== netstandard2.0) (>= net6.0))
      Microsoft.IdentityModel.Logging (>= 6.21)
      Microsoft.IdentityModel.Tokens (>= 6.21)
    Microsoft.IdentityModel.Protocols.OpenIdConnect (6.21) - restriction: || (== net6.0) (&& (== netcoreapp3.1) (>= net6.0)) (&& (== netstandard2.0) (>= net6.0))
      Microsoft.IdentityModel.Protocols (>= 6.21)
      System.IdentityModel.Tokens.Jwt (>= 6.21)
    Microsoft.IdentityModel.Tokens (6.21) - restriction: || (== net6.0) (&& (== netcoreapp3.1) (>= net6.0)) (&& (== netstandard2.0) (>= net6.0))
      Microsoft.CSharp (>= 4.5)
      Microsoft.IdentityModel.Logging (>= 6.21)
      System.Security.Cryptography.Cng (>= 4.5)
    Microsoft.IO.RecyclableMemoryStream (2.2) - restriction: || (== net6.0) (&& (== netcoreapp3.1) (>= net6.0)) (&& (== netstandard2.0) (>= net6.0))
    Newtonsoft.Json (13.0.1) - restriction: || (== net6.0) (&& (== netcoreapp3.1) (>= net6.0)) (&& (== netstandard2.0) (>= net6.0))
    Saturn (0.16.1)
      FSharp.Control.Websockets (>= 0.2.2) - restriction: || (== net6.0) (&& (== netcoreapp3.1) (>= net6.0)) (&& (== netstandard2.0) (>= net6.0))
      Giraffe (>= 6.0) - restriction: || (== net6.0) (&& (== netcoreapp3.1) (>= net6.0)) (&& (== netstandard2.0) (>= net6.0))
      Microsoft.AspNetCore.Authentication.JwtBearer (>= 6.0.3) - restriction: || (== net6.0) (&& (== netcoreapp3.1) (>= net6.0)) (&& (== netstandard2.0) (>= net6.0))
    System.Formats.Asn1 (6.0) - restriction: || (== net6.0) (&& (== netcoreapp3.1) (>= net6.0)) (&& (== netstandard2.0) (>= net6.0))
    System.IdentityModel.Tokens.Jwt (6.21) - restriction: || (== net6.0) (&& (== netcoreapp3.1) (>= net6.0)) (&& (== netstandard2.0) (>= net6.0))
      Microsoft.IdentityModel.JsonWebTokens (>= 6.21)
      Microsoft.IdentityModel.Tokens (>= 6.21)
    System.Reflection.Emit (4.7) - restriction: || (== net6.0) (&& (== netcoreapp3.1) (>= net6.0)) (&& (== netstandard2.0) (>= net6.0))
    System.Reflection.Emit.Lightweight (4.7) - restriction: || (== net6.0) (&& (== netcoreapp3.1) (>= net6.0)) (&& (== netstandard2.0) (>= net6.0))
    System.Runtime.CompilerServices.Unsafe (6.0) - restriction: || (== net6.0) (&& (== netcoreapp3.1) (>= net6.0)) (&& (== netstandard2.0) (>= net6.0))
    System.Security.Cryptography.Cng (5.0) - restriction: || (== net6.0) (&& (== netcoreapp3.1) (>= net6.0)) (&& (== netstandard2.0) (>= net6.0))
      System.Formats.Asn1 (>= 5.0) - restriction: || (== net6.0) (== netcoreapp3.1) (&& (== netstandard2.0) (>= netcoreapp3.0))
    System.Text.Encodings.Web (6.0) - restriction: || (== net6.0) (&& (== netcoreapp3.1) (>= net6.0)) (&& (== netstandard2.0) (>= net6.0))
      System.Runtime.CompilerServices.Unsafe (>= 6.0)
    System.Text.Json (6.0.5) - restriction: || (== net6.0) (&& (== netcoreapp3.1) (>= net6.0)) (&& (== netstandard2.0) (>= net6.0))
      System.Runtime.CompilerServices.Unsafe (>= 6.0)
      System.Text.Encodings.Web (>= 6.0)
    System.Threading.Tasks.Extensions (4.5.4) - restriction: || (== net6.0) (&& (== netcoreapp3.1) (>= net6.0)) (&& (== netstandard2.0) (>= net6.0))
    System.ValueTuple (4.5) - restriction: || (== net6.0) (&& (== netcoreapp3.1) (>= net6.0)) (&& (== netstandard2.0) (>= net6.0))
    Utf8Json (1.3.7) - restriction: || (== net6.0) (&& (== netcoreapp3.1) (>= net6.0)) (&& (== netstandard2.0) (>= net6.0))
      System.Reflection.Emit (>= 4.3)
      System.Reflection.Emit.Lightweight (>= 4.3)
      System.Threading.Tasks.Extensions (>= 4.4)
      System.ValueTuple (>= 4.4)
